GEM
  remote: http://rubygems.org/
  specs:
    ZURB-foundation (2.2.1.4)
      compass (>= 0.12.1)
    chunky_png (1.2.6)
    compass (0.12.2)
      chunky_png (~> 1.2)
      fssm (>= 0.2.7)
      sass (~> 3.1)
    fssm (0.2.9)
    haml (3.1.7)
    rack (1.4.1)
    rack-protection (1.3.2)
      rack
    sass (3.2.4)
    sinatra (1.3.3)
      rack (~> 1.3, >= 1.3.6)
      rack-protection (~> 1.2)
      tilt (~> 1.3, >= 1.3.3)
    tilt (1.3.3)

PLATFORMS
  ruby

DEPENDENCIES
  ZURB-foundation
  haml
  sass
  sinatra
